GEM
  remote: https://rubygems.org/
  specs:
    base62 (1.0.0)
    diff-lcs (1.3)
    docile (1.1.5)
    em-midori (0.4.3)
      midori_http_parser (~> 0.6.1)
      murasaki (~> 0.1)
      mustermann (~> 1.0)
    hiredis (0.6.1)
    json (2.1.0)
    midori-contrib (0.1.1)
      em-midori (~> 0.3)
    midori_http_parser (0.6.1.3)
    murasaki (0.1.0)
      nio4r (~> 2.0)
    mustermann (1.0.1)
    mysql2 (0.4.9)
    nest (3.1.1)
      redic
    nio4r (2.1.0)
    ohm (3.1.1)
      nest (~> 3)
      redic (~> 1.5.0)
      stal
    rake (12.1.0)
    redic (1.5.0)
      hiredis
    rspec (3.6.0)
      rspec-core (~> 3.6.0)
      rspec-expectations (~> 3.6.0)
      rspec-mocks (~> 3.6.0)
    rspec-core (3.6.0)
      rspec-support (~> 3.6.0)
    rspec-expectations (3.6.0)
      diff-lcs (>= 1.2.0, < 2.0)
      rspec-support (~> 3.6.0)
    rspec-mocks (3.6.0)
      diff-lcs (>= 1.2.0, < 2.0)
      rspec-support (~> 3.6.0)
    rspec-support (3.6.0)
    sequel (4.49.0)
    simplecov (0.15.1)
      docile (~> 1.1.0)
      json (>= 1.8, < 3)
      simplecov-html (~> 0.10.0)
    simplecov-html (0.10.2)
    stal (0.3.0)
      redic (~> 1.5)
    uuid64 (0.0.7)
      base62 (~> 1.0)

PLATFORMS
  ruby

DEPENDENCIES
  bundler (~> 1.0)
  em-midori (~> 0.4.0)
  hiredis (~> 0.6.0)
  midori-contrib (~> 0.1.0)
  mysql2 (~> 0.4)
  ohm (~> 3.0)
  rake (~> 12.0)
  rspec (~> 3.0)
  sequel (~> 4.40)
  simplecov (~> 0.14)
  uuid64

BUNDLED WITH
   1.15.4
